PATH
  remote: .
  specs:
    deb-s3 (0.1.0)
      aws-s3 (~> 0.6.3)
      thor (~> 0.17.0)

GEM
  remote: https://rubygems.org/
  specs:
    aws-s3 (0.6.3)
      builder
      mime-types
      xml-simple
    builder (3.2.0)
    mime-types (1.21)
    rake (10.0.3)
    thor (0.17.0)
    xml-simple (1.1.2)

PLATFORMS
  ruby

DEPENDENCIES
  deb-s3!
  rake
