PATH
  remote: .
  specs:
    deb-s3 (0.7.0)
      aws-sdk (~> 2.0.22)
      thor (~> 0.18.0)

GEM
  remote: https://rubygems.org/
  specs:
    aws-sdk (2.0.22)
      aws-sdk-resources (= 2.0.22)
    aws-sdk-core (2.0.22)
      builder (~> 3.0)
      jmespath (~> 1.0)
      multi_json (~> 1.0)
      multi_xml (~> 0.5)
    aws-sdk-resources (2.0.22)
      aws-sdk-core (= 2.0.22)
    builder (3.2.2)
    jmespath (1.0.2)
      multi_json (~> 1.0)
    minitest (5.5.1)
    multi_json (1.10.1)
    multi_xml (0.5.5)
    rake (10.4.2)
    thor (0.18.1)

PLATFORMS
  ruby

DEPENDENCIES
  deb-s3!
  minitest
  rake
